GEM
  remote: https://rubygems.org/
  specs:
    activesupport (7.0.2.3)
      concurrent-ruby (~> 1.0, >= 1.0.2)
      i18n (>= 1.6, < 2)
      minitest (>= 5.1)
      tzinfo (~> 2.0)
    byebug (11.1.3)
    concurrent-ruby (1.1.10)
    descriptive_statistics (2.5.1)
    gender_detector (2.0.0)
    geocoder (1.7.5)
    i18n (1.10.0)
      concurrent-ruby (~> 1.0)
    minitest (5.15.0)
    nokogiri (1.13.3-x86_64-linux)
      racc (~> 1.4)
    racc (1.6.0)
    tzinfo (2.0.4)
      concurrent-ruby (~> 1.0)

PLATFORMS
  ruby
  x86_64-linux

DEPENDENCIES
  activesupport
  byebug
  descriptive_statistics
  gender_detector
  geocoder
  nokogiri

BUNDLED WITH
   2.2.1
